PATH
  remote: .
  specs:
    core (1.0)

GEM
  remote: https://rubygems.org/
  specs:

PLATFORMS
  x86_64-darwin-20

DEPENDENCIES
  core!

BUNDLED WITH
   2.2.9
